GEM
  remote: https://rubygems.org/
  specs:
    chuck_norris_jokes (0.0.7)
      faraday (~> 1.0.1)
    colorize (0.8.1)
    faraday (1.0.1)
      multipart-post (>= 1.2, < 3)
    multipart-post (2.1.1)

PLATFORMS
  x86_64-darwin-18

DEPENDENCIES
  chuck_norris_jokes (~> 0.0.7)
  colorize (~> 0.8.1)

BUNDLED WITH
   2.2.16
